PATH
  remote: .
  specs:
    iso8583 (0.1.5.a)

GEM
  remote: https://rubygems.org/
  specs:
    power_assert (0.2.3)
    rake (10.4.2)
    test-unit (3.1.2)
      power_assert

PLATFORMS
  ruby

DEPENDENCIES
  iso8583!
  rake
  test-unit
